GEM
  remote: https://rubygems.org/
  specs:
    bcp47_spec (0.2.1)
    diff-lcs (1.5.1)
    ebnf (2.5.0)
      htmlentities (~> 4.3)
      rdf (~> 3.3)
      scanf (~> 1.0)
      sxp (~> 2.0)
      unicode-types (~> 1.8)
    htmlentities (4.3.4)
    json (2.7.1)
    link_header (0.0.8)
    matrix (0.4.2)
    rdf (3.3.1)
      bcp47_spec (~> 0.2)
      link_header (~> 0.0, >= 0.0.8)
    rspec (3.13.0)
      rspec-core (~> 3.13.0)
      rspec-expectations (~> 3.13.0)
      rspec-mocks (~> 3.13.0)
    rspec-core (3.13.0)
      rspec-support (~> 3.13.0)
    rspec-expectations (3.13.0)
      diff-lcs (>= 1.2.0, < 2.0)
      rspec-support (~> 3.13.0)
    rspec-mocks (3.13.0)
      diff-lcs (>= 1.2.0, < 2.0)
      rspec-support (~> 3.13.0)
    rspec-support (3.13.0)
    scanf (1.0.0)
    sxp (2.0.0)
      matrix (~> 0.4)
      rdf (~> 3.3)
    unicode-types (1.9.0)

PLATFORMS
  ruby
  x86_64-linux

DEPENDENCIES
  ebnf (~> 2.5.0)
  json (~> 2.7, >= 2.7.1)
  rspec (~> 3.13)

BUNDLED WITH
   2.5.4
